PATH
  remote: .
  specs:
    synced-latency-data-collector (0.1.0)
      dogstatsd-ruby (~> 4)
      sidekiq (>= 5, < 7)
      sidekiq-cron (~> 1)

GEM
  remote: https://rubygems.org/
  specs:
    activemodel (7.1.2)
      activesupport (= 7.1.2)
    activerecord (7.1.2)
      activemodel (= 7.1.2)
      activesupport (= 7.1.2)
      timeout (>= 0.4.0)
    activesupport (7.1.2)
      base64
      bigdecimal
      concurrent-ruby (~> 1.0, >= 1.0.2)
      connection_pool (>= 2.2.5)
      drb
      i18n (>= 1.6, < 2)
      minitest (>= 5.1)
      mutex_m
      tzinfo (~> 2.0)
    base64 (0.2.0)
    bigdecimal (3.1.5)
    concurrent-ruby (1.2.2)
    connection_pool (2.4.1)
    diff-lcs (1.3)
    dogstatsd-ruby (4.8.3)
    drb (2.2.0)
      ruby2_keywords
    et-orbi (1.2.7)
      tzinfo
    fugit (1.9.0)
      et-orbi (~> 1, >= 1.2.7)
      raabro (~> 1.4)
    globalid (1.2.1)
      activesupport (>= 6.1)
    i18n (1.14.1)
      concurrent-ruby (~> 1.0)
    minitest (5.20.0)
    mutex_m (0.2.0)
    pg (1.5.4)
    raabro (1.4.0)
    rack (2.2.8)
    rake (13.0.3)
    redis (4.8.1)
    redis-namespace (1.11.0)
      redis (>= 4)
    rspec (3.9.0)
      rspec-core (~> 3.9.0)
      rspec-expectations (~> 3.9.0)
      rspec-mocks (~> 3.9.0)
    rspec-core (3.9.1)
      rspec-support (~> 3.9.1)
    rspec-expectations (3.9.0)
      diff-lcs (>= 1.2.0, < 2.0)
      rspec-support (~> 3.9.0)
    rspec-mocks (3.9.1)
      diff-lcs (>= 1.2.0, < 2.0)
      rspec-support (~> 3.9.0)
    rspec-support (3.9.2)
    ruby2_keywords (0.0.5)
    sidekiq (6.5.12)
      connection_pool (>= 2.2.5, < 3)
      rack (~> 2.0)
      redis (>= 4.5.0, < 5)
    sidekiq-cron (1.12.0)
      fugit (~> 1.8)
      globalid (>= 1.0.1)
      sidekiq (>= 6)
    timecop (0.9.8)
    timeout (0.4.1)
    tzinfo (2.0.6)
      concurrent-ruby (~> 1.0)

PLATFORMS
  ruby

DEPENDENCIES
  activerecord (>= 4.2)
  bundler (~> 2.0)
  pg (~> 1)
  rake (~> 13.0)
  redis-namespace (~> 1)
  rspec (~> 3.0)
  synced-latency-data-collector!
  timecop (~> 0.9)

BUNDLED WITH
   2.2.33
